GEM
  remote: https://rubygems.org/
  specs:
    coderay (1.1.2)
    gitlab (4.10.0)
      httparty (~> 0.14, >= 0.14.0)
      terminal-table (~> 1.5, >= 1.5.1)
    httparty (0.16.4)
      mime-types (~> 3.0)
      multi_xml (>= 0.5.2)
    method_source (0.9.2)
    mime-types (3.2.2)
      mime-types-data (~> 3.2015)
    mime-types-data (3.2018.0812)
    multi_xml (0.6.0)
    pry (0.12.2)
      coderay (~> 1.1.0)
      method_source (~> 0.9.0)
    terminal-table (1.8.0)
      unicode-display_width (~> 1.1, >= 1.1.1)
    unicode-display_width (1.5.0)

PLATFORMS
  ruby

DEPENDENCIES
  gitlab (~> 4.5)
  pry (~> 0.12.2)

BUNDLED WITH
   2.0.1
